PATH
  remote: .
  specs:
    to_fib (1.0.0)

GEM
  remote: https://rubygems.org/
  specs:
    ansi (1.5.0)
    builder (3.2.2)
    minitest (5.8.0)
    minitest-reporters (1.0.20)
      ansi
      builder
      minitest (>= 5.0)
      ruby-progressbar
    rake (0.9.6)
    ruby-progressbar (1.7.5)

PLATFORMS
  ruby

DEPENDENCIES
  bundler
  minitest
  minitest-reporters
  rake (~> 0)
  to_fib!

BUNDLED WITH
   1.10.6
